GEM
  remote: https://rubygems.org/
  specs:
    docker-api (1.21.1)
      excon (>= 0.38.0)
      json
    excon (0.45.2)
    json (1.8.2)
    minitest (5.4.3)
    rack (1.6.0)
    rack-protection (1.5.3)
      rack
    rack-test (0.6.2)
      rack (>= 1.0)
    rake (10.3.2)
    sinatra (1.4.6)
      rack (~> 1.4)
      rack-protection (~> 1.4)
      tilt (>= 1.3, < 3)
    tilt (2.0.1)

PLATFORMS
  ruby

DEPENDENCIES
  docker-api
  minitest (~> 5.2)
  rack-test (~> 0.6)
  rake (~> 10.0)
  sinatra (~> 1.4)
